GEM
  remote: https://rubygems.org/
  specs:
    cleverbot_io (1.2.2)
      httpclient (~> 2.8)
      oj (~> 2.15)
    eventmachine (1.2.1)
    faker (1.6.6)
      i18n (~> 0.5)
    faraday (0.10.0)
      multipart-post (>= 1.2, < 3)
    faye-websocket (0.10.5)
      eventmachine (>= 0.12.0)
      websocket-driver (>= 0.5.1)
    htmlentities (4.3.4)
    http_router (0.11.2)
      rack (>= 1.0.0)
      url_mount (~> 0.2.1)
    httpclient (2.8.3)
    i18n (0.7.0)
    ice_nine (0.11.2)
    lita (4.7.1)
      bundler (>= 1.3)
      faraday (>= 0.8.7)
      http_router (>= 0.11.2)
      i18n (>= 0.6.9)
      ice_nine (>= 0.11.0)
      multi_json (>= 1.7.7)
      puma (>= 2.7.1)
      rack (>= 1.5.2, < 2.0.0)
      rb-readline (>= 0.5.1)
      redis-namespace (>= 1.3.0)
      thor (>= 0.18.1)
    lita-abuse (0.2.0)
      lita (>= 4.6)
    lita-against-humanity (0.2.0)
      lita (>= 4.4)
    lita-ai (0.1.3)
      cleverbot_io (~> 1.2.2)
      htmlentities (~> 4.3)
      lita (>= 4.6)
    lita-away (0.1.0)
      lita (>= 4.7)
    lita-compliment (0.2.0)
      lita (>= 4.6)
    lita-excuses (0.0.6)
      lita (>= 2.2)
      nokogiri
    lita-faker (0.1.0)
      faker (~> 1.4)
      lita (~> 4.4)
    lita-greet (0.2.0)
      lita (>= 4.4)
    lita-how-many (0.1.0)
      lita (>= 4.4)
    lita-howdoi (0.0.3)
      lita (>= 4.2)
      nokogiri
    lita-karma (3.0.2)
      lita (>= 4.0)
    lita-key-value (1.0.0)
      lita (>= 4.0)
    lita-keyword-arguments (1.0.1)
      lita (>= 3.2)
      slop (~> 3.5)
    lita-lunch (0.2.0)
      lita (>= 4.4)
    lita-pls (0.0.3)
      lita (>= 2.6)
    lita-poetry (0.3.1)
      lita (>= 4.0)
    lita-poop (1.0.2)
      lita (>= 2.0)
    lita-queue (0.4.0)
      lita (>= 4.4.3)
    lita-quote (0.1.1)
      lita (~> 4.0)
    lita-random (0.6.0)
      lita (~> 4.4)
      lita-keyword-arguments (~> 1.0)
    lita-should-i (0.1.0)
      lita (>= 4.3)
    lita-slack (1.8.0)
      eventmachine
      faraday
      faye-websocket (>= 0.8.0)
      lita (>= 4.7.1)
      multi_json
    lita-urban-dictionary (1.1.0)
      lita (>= 4.0)
    lita-whoami (0.1.4)
      lita (>= 4.6)
    mini_portile2 (2.1.0)
    multi_json (1.12.1)
    multipart-post (2.0.0)
    nokogiri (1.6.8.1)
      mini_portile2 (~> 2.1.0)
    oj (2.18.0)
    puma (3.6.2)
    rack (1.6.5)
    rb-readline (0.5.3)
    redis (3.3.2)
    redis-namespace (1.5.2)
      redis (~> 3.0, >= 3.0.4)
    slop (3.6.0)
    thor (0.19.4)
    url_mount (0.2.1)
      rack
    websocket-driver (0.6.4)
      websocket-extensions (>= 0.1.0)
    websocket-extensions (0.1.2)

PLATFORMS
  ruby

DEPENDENCIES
  lita
  lita-abuse
  lita-against-humanity
  lita-ai
  lita-away
  lita-compliment
  lita-excuses
  lita-faker
  lita-greet
  lita-how-many
  lita-howdoi
  lita-karma
  lita-key-value
  lita-lunch
  lita-pls
  lita-poetry
  lita-poop
  lita-queue
  lita-quote
  lita-random
  lita-should-i
  lita-slack
  lita-urban-dictionary
  lita-whoami

BUNDLED WITH
   1.13.6
